GEM
  remote: https://rubygems.org/
  specs:
    elasticsearch (1.0.15)
      elasticsearch-api (= 1.0.15)
      elasticsearch-transport (= 1.0.15)
    elasticsearch-api (1.0.15)
      multi_json
    elasticsearch-transport (1.0.15)
      faraday
      multi_json
    faraday (0.9.2)
      multipart-post (>= 1.2, < 3)
    multi_json (1.12.1)
    multipart-post (2.0.0)
    parallel (1.9.0)

PLATFORMS
  ruby

DEPENDENCIES
  elasticsearch
  parallel

BUNDLED WITH
   1.12.5
